PATH
  remote: .
  specs:
    playit (0.0.1)
      highline (~> 1.6.13)
      multi_json (~> 1.0.3)

GEM
  remote: https://rubygems.org/
  specs:
    highline (1.6.13)
    metaclass (0.0.1)
    mocha (0.11.4)
      metaclass (~> 0.0.1)
    multi_json (1.0.4)
    rake (0.9.2.2)

PLATFORMS
  ruby

DEPENDENCIES
  mocha (~> 0.11.4)
  playit!
  rake (~> 0.9.2)
